PATH
  remote: .
  specs:
    spoom (1.0.3)
      colorize
      sorbet (~> 0.5.5)
      sorbet-runtime
      thor (>= 0.19.2)

GEM
  remote: https://rubygems.org/
  specs:
    ast (2.4.1)
    colorize (0.8.1)
    minitest (5.14.1)
    parallel (1.19.2)
    parser (2.7.1.4)
      ast (~> 2.4.1)
    rainbow (3.0.0)
    rake (10.5.0)
    regexp_parser (1.7.1)
    rexml (3.2.4)
    rubocop (0.86.0)
      parallel (~> 1.10)
      parser (>= 2.7.0.1)
      rainbow (>= 2.2.2, < 4.0)
      regexp_parser (>= 1.7)
      rexml
      rubocop-ast (>= 0.0.3, < 1.0)
      ruby-progressbar (~> 1.7)
      unicode-display_width (>= 1.4.0, < 2.0)
    rubocop-ast (0.1.0)
      parser (>= 2.7.0.1)
    rubocop-shopify (1.0.4)
      rubocop (>= 0.85, < 0.87)
    rubocop-sorbet (0.4.0)
      rubocop
    ruby-progressbar (1.10.1)
    sorbet (0.5.5803)
      sorbet-static (= 0.5.5803)
    sorbet-runtime (0.5.5803)
    sorbet-static (0.5.5803-universal-darwin-14)
    thor (1.0.1)
    unicode-display_width (1.7.0)

PLATFORMS
  ruby

DEPENDENCIES
  bundler (~> 1.17)
  minitest (~> 5.0)
  rake (~> 10.0)
  rubocop-shopify
  rubocop-sorbet
  spoom!

BUNDLED WITH
   1.17.3
